GEM
  remote: https://rubygems.org/
  specs:
    bcrypt (3.1.13)
    erubis (2.7.0)
    multi_json (1.15.0)
    mustermann (3.0.0)
      ruby2_keywords (~> 0.0.1)
    nio4r (2.5.2)
    pg (1.1.4)
    puma (4.2.1)
      nio4r (~> 2.0)
    rack (2.2.4)
    rack-protection (3.0.4)
      rack
    ruby2_keywords (0.0.5)
    sinatra (3.0.4)
      mustermann (~> 3.0)
      rack (~> 2.2, >= 2.2.4)
      rack-protection (= 3.0.4)
      tilt (~> 2.0)
    sinatra-contrib (3.0.4)
      multi_json
      mustermann (~> 3.0)
      rack-protection (= 3.0.4)
      sinatra (= 3.0.4)
      tilt (~> 2.0)
    tilt (2.0.11)

PLATFORMS
  ruby

DEPENDENCIES
  bcrypt (~> 3.1, >= 3.1.13)
  erubis
  pg
  puma
  sinatra (~> 3.0.4)
  sinatra-contrib

RUBY VERSION
   ruby 2.6.0p0

BUNDLED WITH
   1.17.2
